GEM
  remote: https://rubygems.org/
  specs:
    greactor (0.0.12)
    grhttp (0.0.21)
      greactor (~> 0.0.12)
    plezi (0.10.16)
      grhttp (~> 0.0.21)
    rack (1.6.4)
    rack-protection (1.5.3)
      rack
    redis (3.2.1)
    sinatra (1.4.6)
      rack (~> 1.4)
      rack-protection (~> 1.4)
      tilt (>= 1.3, < 3)
    tilt (2.0.1)

PLATFORMS
  ruby

DEPENDENCIES
  plezi
  redis
  sinatra

BUNDLED WITH
   1.10.4
